PATH
  remote: .
  specs:
    backupper (0.5.1)
      mail (~> 2.7)
      sshkit (~> 1.15)

GEM
  remote: https://rubygems.org/
  specs:
    byebug (11.0.1)
    date (3.3.3)
    mail (2.8.0)
      mini_mime (>= 0.1.1)
      net-imap
      net-pop
      net-smtp
    mini_mime (1.1.2)
    net-imap (0.3.4)
      date
      net-protocol
    net-pop (0.1.2)
      net-protocol
    net-protocol (0.2.1)
      timeout
    net-scp (4.0.0)
      net-ssh (>= 2.6.5, < 8.0.0)
    net-smtp (0.3.3)
      net-protocol
    net-ssh (7.0.1)
    rake (10.5.0)
    sshkit (1.21.3)
      net-scp (>= 1.1.2)
      net-ssh (>= 2.8.0)
    timeout (0.3.1)

PLATFORMS
  ruby
  x86_64-darwin-18

DEPENDENCIES
  backupper!
  bundler (~> 2)
  byebug (~> 11)
  rake (~> 10.0)

BUNDLED WITH
   2.3.8
